GIT
  remote: https://github.com/PopulateTools/gobierto_data.git
  revision: e326aa9be868baba0683edebd531da1fed5bf2d5
  specs:
    gobierto_data (0.1.0)
      actionpack
      activesupport
      aws-sdk-s3
      elasticsearch (~> 6.0, >= 6.0.2)
      elasticsearch-extensions (~> 0.0.27)
      ine-places (~> 0.3.0)
      oj (~> 3.6)
      rake (~> 13.0)

GEM
  remote: https://rubygems.org/
  specs:
    actionpack (6.0.3.4)
      actionview (= 6.0.3.4)
      activesupport (= 6.0.3.4)
      rack (~> 2.0, >= 2.0.8)
      rack-test (>= 0.6.3)
      rails-dom-testing (~> 2.0)
      rails-html-sanitizer (~> 1.0, >= 1.2.0)
    actionview (6.0.3.4)
      activesupport (= 6.0.3.4)
      builder (~> 3.1)
      erubi (~> 1.4)
      rails-dom-testing (~> 2.0)
      rails-html-sanitizer (~> 1.1, >= 1.2.0)
    activesupport (6.0.3.4)
      concurrent-ruby (~> 1.0, >= 1.0.2)
      i18n (>= 0.7, < 2)
      minitest (~> 5.1)
      tzinfo (~> 1.1)
      zeitwerk (~> 2.2, >= 2.2.2)
    addressable (2.7.0)
      public_suffix (>= 2.0.2, < 5.0)
    ansi (1.5.0)
    aws-eventstream (1.1.0)
    aws-partitions (1.358.0)
    aws-sdk-core (3.104.4)
      aws-eventstream (~> 1, >= 1.0.2)
      aws-partitions (~> 1, >= 1.239.0)
      aws-sigv4 (~> 1.1)
      jmespath (~> 1.0)
    aws-sdk-kms (1.36.0)
      aws-sdk-core (~> 3, >= 3.99.0)
      aws-sigv4 (~> 1.1)
    aws-sdk-s3 (1.78.0)
      aws-sdk-core (~> 3, >= 3.104.3)
      aws-sdk-kms (~> 1)
      aws-sigv4 (~> 1.1)
    aws-sigv4 (1.2.2)
      aws-eventstream (~> 1, >= 1.0.2)
    bigdecimal (2.0.0)
    builder (3.2.4)
    byebug (11.1.3)
    concurrent-ruby (1.1.7)
    crass (1.0.6)
    domain_name (0.5.20190701)
      unf (>= 0.0.5, < 1.0.0)
    elasticsearch (6.8.2)
      elasticsearch-api (= 6.8.2)
      elasticsearch-transport (= 6.8.2)
    elasticsearch-api (6.8.2)
      multi_json
    elasticsearch-extensions (0.0.31)
      ansi
      elasticsearch
    elasticsearch-transport (6.8.2)
      faraday (~> 1)
      multi_json
    erubi (1.9.0)
    faraday (1.0.1)
      multipart-post (>= 1.2, < 3)
    ffi (1.13.1)
    ffi-compiler (1.0.1)
      ffi (>= 1.0.0)
      rake
    http (4.4.1)
      addressable (~> 2.3)
      http-cookie (~> 1.0)
      http-form_data (~> 2.2)
      http-parser (~> 1.2.0)
    http-cookie (1.0.3)
      domain_name (~> 0.5)
    http-form_data (2.3.0)
    http-parser (1.2.1)
      ffi-compiler (>= 1.0, < 2.0)
    i18n (1.8.5)
      concurrent-ruby (~> 1.0)
    ine-places (0.3.0)
      activesupport (>= 4.2)
    jmespath (1.4.0)
    loofah (2.7.0)
      crass (~> 1.0.2)
      nokogiri (>= 1.5.9)
    mini_portile2 (2.4.0)
    minitest (5.14.2)
    multi_json (1.15.0)
    multipart-post (2.1.1)
    nokogiri (1.10.10)
      mini_portile2 (~> 2.4.0)
    oj (3.10.12)
      bigdecimal (>= 1.0, < 3)
    public_suffix (4.0.5)
    rack (2.2.3)
    rack-test (1.1.0)
      rack (>= 1.0, < 3)
    rails-dom-testing (2.0.3)
      activesupport (>= 4.2.0)
      nokogiri (>= 1.6)
    rails-html-sanitizer (1.3.0)
      loofah (~> 2.3)
    rake (13.0.1)
    thread_safe (0.3.6)
    tzinfo (1.2.7)
      thread_safe (~> 0.1)
    unf (0.1.4)
      unf_ext
    unf_ext (0.0.7.7)
    zeitwerk (2.4.0)

PLATFORMS
  ruby

DEPENDENCIES
  byebug
  gobierto_data!
  http

BUNDLED WITH
   2.1.4
